GEM
  remote: https://rubygems.org/
  specs:
    builder (3.2.0)
    excon (0.19.3)
    fog (1.6.0)
      builder
      excon (~> 0.14)
      formatador (~> 0.2.0)
      mime-types
      multi_json (~> 1.0)
      net-scp (~> 1.0.4)
      net-ssh (>= 2.1.3)
      nokogiri (~> 1.5.0)
      ruby-hmac
    formatador (0.2.4)
    infobright-loader (0.0.1)
    mime-types (1.21)
    multi_json (1.6.1)
    net-scp (1.0.4)
      net-ssh (>= 1.99.1)
    net-ssh (2.6.5)
    nokogiri (1.5.6)
    pg (0.14.1)
    ruby-hmac (0.4.0)
    sluice (0.0.6)
      fog (~> 1.6.0)

PLATFORMS
  ruby

DEPENDENCIES
  infobright-loader (~> 0.0.1)
  pg (~> 0.14.1)
  sluice (~> 0.0.6)
